GEM
  remote: https://rubygems.org/
  specs:
    ast (2.4.2)
    concurrent-ruby (1.1.10)
    diff-lcs (1.5.0)
    nokogiri (1.13.6-x64-mingw-ucrt)
      racc (~> 1.4)
    opal (1.5.0)
      ast (>= 2.3.0)
      parser (~> 3.0, >= 3.0.3.2)
    opal-jquery (0.4.6)
      opal (>= 0.10.0, < 2.0)
    parser (3.1.2.0)
      ast (~> 2.4.1)
    pg (1.3.5-x64-mingw-ucrt)
    racc (1.6.0)
    redcarpet (3.5.1)
    rspec (3.11.0)
      rspec-core (~> 3.11.0)
      rspec-expectations (~> 3.11.0)
      rspec-mocks (~> 3.11.0)
    rspec-core (3.11.0)
      rspec-support (~> 3.11.0)
    rspec-expectations (3.11.0)
      diff-lcs (>= 1.2.0, < 2.0)
      rspec-support (~> 3.11.0)
    rspec-mocks (3.11.1)
      diff-lcs (>= 1.2.0, < 2.0)
      rspec-support (~> 3.11.0)
    rspec-support (3.11.0)

PLATFORMS
  x64-mingw-ucrt

DEPENDENCIES
  concurrent-ruby
  nokogiri
  opal
  opal-jquery
  pg
  redcarpet
  rspec

BUNDLED WITH
   2.3.7
