GEM
  remote: https://rubygems.org/
  specs:
    concurrent-ruby (1.1.10)
    nokogiri (1.13.6-x64-mingw-ucrt)
      racc (~> 1.4)
    racc (1.6.0)
    redcarpet (3.5.1)

PLATFORMS
  x64-mingw-ucrt

DEPENDENCIES
  concurrent-ruby
  nokogiri
  redcarpet

BUNDLED WITH
   2.3.7
