GEM
  remote: https://rubygems.org/
  specs:
    concurrent-ruby (1.1.10)
    diff-lcs (1.5.0)
    nokogiri (1.13.6-x64-mingw-ucrt)
      racc (~> 1.4)
    pg (1.3.5-x64-mingw-ucrt)
    racc (1.6.0)
    redcarpet (3.5.1)
    rspec (3.11.0)
      rspec-core (~> 3.11.0)
      rspec-expectations (~> 3.11.0)
      rspec-mocks (~> 3.11.0)
    rspec-core (3.11.0)
      rspec-support (~> 3.11.0)
    rspec-expectations (3.11.0)
      diff-lcs (>= 1.2.0, < 2.0)
      rspec-support (~> 3.11.0)
    rspec-mocks (3.11.1)
      diff-lcs (>= 1.2.0, < 2.0)
      rspec-support (~> 3.11.0)
    rspec-support (3.11.0)

PLATFORMS
  x64-mingw-ucrt

DEPENDENCIES
  concurrent-ruby
  nokogiri
  pg
  redcarpet
  rspec

BUNDLED WITH
   2.3.7
